GEM
  remote: https://rubygems.org/
  specs:
    activemodel (3.2.20)
      activesupport (= 3.2.20)
      builder (~> 3.0.0)
    activesupport (3.2.20)
      i18n (~> 0.6, >= 0.6.4)
      multi_json (~> 1.0)
    addressable (2.3.6)
    builder (3.0.4)
    diff-lcs (1.2.5)
    git_repository (0.0.11)
    i18n (0.6.11)
    json (1.8.1)
    mime-types (2.4.3)
    minitest (4.0.0)
    multi_json (1.10.1)
    netrc (0.8.0)
    oauth (0.4.7)
    peach (0.5.1)
    rest-client (1.7.2)
      mime-types (>= 1.16, < 3.0)
      netrc (~> 0.7)
    rspec-expectations (3.1.2)
      diff-lcs (>= 1.2.0, < 2.0)
      rspec-support (~> 3.1.0)
    rspec-support (3.1.2)
    ruby-trello (1.1.2)
      activemodel (>= 3.2.0)
      addressable (~> 2.3)
      json
      oauth (~> 0.4.5)
      rest-client (~> 1.7.2)
    trello-factory (1.0.0)
      peach
      ruby-trello

PLATFORMS
  ruby

DEPENDENCIES
  git_repository
  minitest (~> 4.0)
  peach
  rspec-expectations
  ruby-trello
  trello-factory
